GIT
  remote: git@github.com:prawnpdf/prawn.git
  revision: ecc6ebc5810c05f06a178c1cd42e81dbd7c2fb63
  branch: extract_tables
  specs:
    prawn (1.2.0)
      pdf-core (~> 0.2.5)
      ttfunk (~> 1.2.0)

PATH
  remote: .
  specs:
    prawn-table (0.0.1)

GEM
  remote: https://rubygems.org/
  specs:
    Ascii85 (1.0.2)
    afm (0.2.1)
    coderay (1.0.9)
    diff-lcs (1.2.5)
    docile (1.1.5)
    hashery (2.1.1)
    metaclass (0.0.4)
    mocha (1.1.0)
      metaclass (~> 0.0.1)
    multi_json (1.10.1)
    pdf-core (0.2.5)
    pdf-inspector (1.1.0)
      pdf-reader (~> 1.0)
    pdf-reader (1.3.3)
      Ascii85 (~> 1.0.0)
      afm (~> 0.2.0)
      hashery (~> 2.0)
      ruby-rc4
      ttfunk
    prawn-manual_builder (0.1.2)
      coderay (~> 1.0.7)
    rake (10.3.2)
    rspec (2.14.1)
      rspec-core (~> 2.14.0)
      rspec-expectations (~> 2.14.0)
      rspec-mocks (~> 2.14.0)
    rspec-core (2.14.8)
    rspec-expectations (2.14.5)
      diff-lcs (>= 1.1.3, < 2.0)
    rspec-mocks (2.14.6)
    ruby-rc4 (0.1.5)
    simplecov (0.8.2)
      docile (~> 1.1.0)
      multi_json
      simplecov-html (~> 0.8.0)
    simplecov-html (0.8.0)
    ttfunk (1.2.0)
    yard (0.8.7.4)

PLATFORMS
  ruby

DEPENDENCIES
  mocha
  pdf-inspector (~> 1.1.0)
  pdf-reader (~> 1.2)
  prawn!
  prawn-manual_builder (>= 0.1.2)
  prawn-table!
  rake
  rspec (= 2.14.1)
  simplecov
  yard
